PATH
  remote: .
  specs:
    sublime_text_kit (0.2.0)
      json (~> 1.8)
      thor (~> 0.18)
      thor_plus (~> 1.4)

GEM
  remote: https://rubygems.org/
  specs:
    celluloid (0.15.2)
      timers (~> 1.1.0)
    celluloid-io (0.15.0)
      celluloid (>= 0.15.0)
      nio4r (>= 0.5.0)
    coderay (1.1.0)
    diff-lcs (1.2.5)
    ffi (1.9.3-java)
    formatador (0.2.4)
    guard (2.4.0)
      formatador (>= 0.2.4)
      listen (~> 2.1)
      lumberjack (~> 1.0)
      pry (>= 0.9.12)
      thor (>= 0.18.1)
    guard-rspec (4.2.6)
      guard (~> 2.1)
      rspec (>= 2.14, < 4.0)
    interception (0.4)
    json (1.8.1-java)
    listen (2.5.0)
      celluloid (>= 0.15.2)
      celluloid-io (>= 0.15.0)
      rb-fsevent (>= 0.9.3)
      rb-inotify (>= 0.9)
    lumberjack (1.0.4)
    method_source (0.8.2)
    nio4r (1.0.0-java)
    pry (0.9.12.6-java)
      coderay (~> 1.0)
      method_source (~> 0.8)
      slop (~> 3.4)
      spoon (~> 0.0)
    pry-nav (0.2.3)
      pry (~> 0.9.10)
    pry-remote (0.1.8)
      pry (~> 0.9)
      slop (~> 3.0)
    pry-rescue (1.4.0)
      interception (>= 0.4)
      pry
    pry-vterm_aliases (1.1.1)
      pry (~> 0.9.12)
    rake (10.1.1)
    rb-fsevent (0.9.4)
    rb-inotify (0.9.3)
      ffi (>= 0.5.0)
    rspec (2.14.1)
      rspec-core (~> 2.14.0)
      rspec-expectations (~> 2.14.0)
      rspec-mocks (~> 2.14.0)
    rspec-core (2.14.7)
    rspec-expectations (2.14.5)
      diff-lcs (>= 1.1.3, < 2.0)
    rspec-mocks (2.14.5)
    slop (3.4.7)
    spoon (0.0.4)
      ffi
    thor (0.18.1)
    thor_plus (1.4.0)
      thor (~> 0.18)
    timers (1.1.0)

PLATFORMS
  java

DEPENDENCIES
  guard-rspec
  pry
  pry-nav
  pry-remote
  pry-rescue
  pry-vterm_aliases
  rake (~> 10.0)
  rb-fsevent
  rspec
  sublime_text_kit!
